GEM
  remote: https://rubygems.org/
  specs:
    byebug (11.1.3)
    minitest (5.14.4)
    ruby2d (0.9.5)

PLATFORMS
  ruby

DEPENDENCIES
  byebug
  minitest
  ruby2d (~> 0.9.4)

BUNDLED WITH
   2.1.2
